PATH
  remote: .
  specs:
    health_graph (0.5.5)
      faraday (~> 0.7.4)
      faraday_middleware (~> 0.8.0)
      hashie (~> 1.2)
      json
      oauth2 (~> 0.5.2)

GEM
  remote: http://rubygems.org/
  specs:
    addressable (2.2.6)
    crack (0.3.1)
    faraday (0.7.6)
      addressable (~> 2.2)
      multipart-post (~> 1.1)
      rack (~> 1.1)
    faraday_middleware (0.8.6)
      faraday (< 0.9, >= 0.7.4)
    git (1.2.5)
    hashie (1.2.0)
    jeweler (1.6.4)
      bundler (~> 1.0)
      git (>= 1.2.5)
      rake
    json (1.6.6)
    multi_json (1.1.0)
    multipart-post (1.1.5)
    oauth2 (0.5.2)
      faraday (~> 0.7)
      multi_json (~> 1.0)
    rack (1.4.1)
    rake (0.9.2)
    rcov (0.9.10)
    shoulda (2.11.3)
    webmock (1.7.4)
      addressable (~> 2.2, > 2.2.5)
      crack (>= 0.1.7)

PLATFORMS
  ruby

DEPENDENCIES
  bundler (~> 1.0.0)
  health_graph!
  jeweler (~> 1.6.4)
  rcov
  shoulda
  webmock (~> 1.7.4)
